GEM
  remote: https://rubygems.org/
  specs:
    autoprefixer-rails (10.4.16.0)
      execjs (~> 2)
    bootstrap (5.3.2)
      autoprefixer-rails (>= 9.1.0)
      popper_js (>= 2.11.8, < 3)
    coderay (1.1.3)
    diff-lcs (1.5.0)
    execjs (2.9.1)
    method_source (1.0.0)
    nokogiri (1.15.5-arm64-darwin)
      racc (~> 1.4)
    popper_js (2.11.8)
    pry (0.14.2)
      coderay (~> 1.1)
      method_source (~> 1.0)
    racc (1.7.3)
    rake (13.1.0)
    rspec (3.12.0)
      rspec-core (~> 3.12.0)
      rspec-expectations (~> 3.12.0)
      rspec-mocks (~> 3.12.0)
    rspec-core (3.12.2)
      rspec-support (~> 3.12.0)
    rspec-expectations (3.12.3)
      diff-lcs (>= 1.2.0, < 2.0)
      rspec-support (~> 3.12.0)
    rspec-mocks (3.12.6)
      diff-lcs (>= 1.2.0, < 2.0)
      rspec-support (~> 3.12.0)
    rspec-support (3.12.1)

PLATFORMS
  arm64-darwin-22
  arm64-darwin-23

DEPENDENCIES
  bootstrap (~> 5.3)
  nokogiri (~> 1.15)
  pry (~> 0.14.2)
  rake (~> 13.1)
  rspec

BUNDLED WITH
   2.4.22
